GEM
  remote: https://rubygems.org/
  specs:
    hash_dot (2.1.0)
    mini_portile2 (2.1.0)
    mysql2 (0.4.5)
    nokogiri (1.7.1)
      mini_portile2 (~> 2.1.0)
    sequel (4.45.0)
    sqlite3 (1.3.13)

PLATFORMS
  ruby

DEPENDENCIES
  hash_dot
  mysql2
  nokogiri
  sequel
  sqlite3
